GIT
  remote: git://github.com/bananastalktome/feedzirra.git
  revision: e478c1011bd5dc1f57bfa5396398162df48a2dcb
  specs:
    feedzirra (0.0.24)
      activesupport (>= 2.3.8)
      builder (>= 2.1.2)
      curb (>= 0.2.3)
      loofah (>= 0.3.1)
      nokogiri (> 0.0.0)
      sax-machine (>= 0.0.12)

GIT
  remote: git://github.com/logankoester/sc2ranks.git
  revision: a1554c218f9ddbff80b5b0b5dbc45cc424ebe853
  specs:
    sc2ranks (0.1.0)
      httparty (>= 0.6.1)

GEM
  remote: http://rubygems.org/
  specs:
    abstract (1.0.0)
    actionmailer (3.0.5)
      actionpack (= 3.0.5)
      mail (~> 2.2.15)
    actionpack (3.0.5)
      activemodel (= 3.0.5)
      activesupport (= 3.0.5)
      builder (~> 2.1.2)
      erubis (~> 2.6.6)
      i18n (~> 0.4)
      rack (~> 1.2.1)
      rack-mount (~> 0.6.13)
      rack-test (~> 0.5.7)
      tzinfo (~> 0.3.23)
    activemodel (3.0.5)
      activesupport (= 3.0.5)
      builder (~> 2.1.2)
      i18n (~> 0.4)
    activerecord (3.0.5)
      activemodel (= 3.0.5)
      activesupport (= 3.0.5)
      arel (~> 2.0.2)
      tzinfo (~> 0.3.23)
    activeresource (3.0.5)
      activemodel (= 3.0.5)
      activesupport (= 3.0.5)
    activesupport (3.0.5)
    arel (2.0.9)
    bson (1.2.4)
    bson_ext (1.2.4)
    builder (2.1.2)
    cinch (1.1.2)
    crack (0.1.8)
    curb (0.7.12)
    erubis (2.6.6)
      abstract (>= 1.0.0)
    git (1.2.5)
    httparty (0.7.4)
      crack (= 0.1.8)
    i18n (0.5.0)
    jeweler (1.5.2)
      bundler (~> 1.0.0)
      git (>= 1.2.5)
      rake
    jnunemaker-validatable (1.8.4)
      activesupport (>= 2.3.4)
    loofah (1.0.0)
      nokogiri (>= 1.3.3)
    mail (2.2.15)
      activesupport (>= 2.3.6)
      i18n (>= 0.4.0)
      mime-types (~> 1.16)
      treetop (~> 1.4.8)
    mime-types (1.16)
    mongo (1.2.4)
      bson (>= 1.2.4)
    mongo_mapper (0.8.6)
      activesupport (>= 2.3.4)
      jnunemaker-validatable (~> 1.8.4)
      plucky (~> 0.3.6)
    nokogiri (1.4.4)
    plucky (0.3.7)
      mongo (~> 1.1)
    polyglot (0.3.1)
    rack (1.2.2)
    rack-mount (0.6.13)
      rack (>= 1.0.0)
    rack-test (0.5.7)
      rack (>= 1.0)
    rails (3.0.5)
      actionmailer (= 3.0.5)
      actionpack (= 3.0.5)
      activerecord (= 3.0.5)
      activeresource (= 3.0.5)
      activesupport (= 3.0.5)
      bundler (~> 1.0)
      railties (= 3.0.5)
    railties (3.0.5)
      actionpack (= 3.0.5)
      activesupport (= 3.0.5)
      rake (>= 0.8.7)
      thor (~> 0.14.4)
    rake (0.8.7)
    sax-machine (0.0.16)
      nokogiri (> 0.0.0)
    thor (0.14.6)
    treetop (1.4.9)
      polyglot (>= 0.3.1)
    tzinfo (0.3.24)

PLATFORMS
  ruby

DEPENDENCIES
  bson_ext (~> 1.2.4)
  bundler (~> 1.0.0)
  cinch (~> 1.1.2)
  feedzirra (~> 0.0.24)!
  jeweler (~> 1.5.2)
  mongo_mapper (~> 0.8.6)
  nokogiri (~> 1.4.4)
  rails (~> 3.0.3)
  sc2ranks (~> 0.1.0)!
  thor (~> 0.14.6)
